GEM
  remote: http://rubygems.org/
  specs:
    activesupport (3.0.3)
    couch_docs (1.1.0)
      directory_watcher (>= 1.3.1)
      json (>= 1.2.0)
      rest-client (>= 1.1.0)
    couchrest (1.0.1)
      json (>= 1.4.6)
      mime-types (>= 1.15)
      rest-client (>= 1.5.1)
    directory_watcher (1.3.2)
    i18n (0.5.0)
    json (1.5.1)
    mime-types (1.16)
    rack (1.2.1)
    rake (0.8.7)
    rest-client (1.6.1)
      mime-types (>= 1.16)
    yajl-ruby (0.7.9)

PLATFORMS
  ruby

DEPENDENCIES
  activesupport
  couch_docs
  couchrest
  i18n
  rack
  rake
  yajl-ruby
