GEM
  remote: http://rubygems.org/
  specs:
    couch_docs (1.3.1)
      directory_watcher (~> 1.3.0)
      json (~> 1.4.0)
      mime-types (~> 1.16)
      rest-client (~> 1.6.0)
    couchrest (1.0.1)
      json (>= 1.4.6)
      mime-types (>= 1.15)
      rest-client (>= 1.5.1)
    directory_watcher (1.3.2)
    json (1.4.6)
    mime-types (1.16)
    rack (1.2.1)
    rake (0.8.7)
    rest-client (1.6.1)
      mime-types (>= 1.16)
    yajl-ruby (0.7.9)

PLATFORMS
  ruby

DEPENDENCIES
  couch_docs
  couchrest
  rack
  rake
  yajl-ruby
